GIT
  remote: git@github.com:acumenbrands/netsuite-rest-client.git
  revision: 84037519cd28b2150999ccdd9bff08bb904267fe
  specs:
    netsuite-rest-client (1.0.1)
      json
      rest-client

GEM
  remote: https://rubygems.org/
  specs:
    coderay (1.1.0)
    diff-lcs (1.2.5)
    json (1.8.1)
    method_source (0.8.2)
    mime-types (2.0)
    pry (0.9.12.4)
      coderay (~> 1.0)
      method_source (~> 0.8)
      slop (~> 3.4)
    rake (10.1.0)
    redis (3.0.6)
    redis-namespace (1.4.1)
      redis (~> 3.0.4)
    rest-client (1.6.7)
      mime-types (>= 1.16)
    rspec (2.14.1)
      rspec-core (~> 2.14.0)
      rspec-expectations (~> 2.14.0)
      rspec-mocks (~> 2.14.0)
    rspec-core (2.14.7)
    rspec-expectations (2.14.4)
      diff-lcs (>= 1.1.3, < 2.0)
    rspec-mocks (2.14.4)
    slop (3.4.7)

PLATFORMS
  ruby

DEPENDENCIES
  netsuite-rest-client!
  pry (= 0.9.12.4)
  rake (= 10.1.0)
  redis-namespace (~> 1.4.1)
  rspec (= 2.14.1)
